NUGET
  remote: https://www.nuget.org/api/v2
  specs:
    Newtonsoft.Json (8.0.2)
    NodaTime (1.3.0)
    NodaTime.Serialization.JsonNet (1.3.1)
      Newtonsoft.Json (>= 4.5.11)
      NodaTime (>= 1.3.0)
    YamlDotNet (3.7.0)
GITHUB
  remote: fsharp/FSharp.Data
  specs:
    src/CommonRuntime/IO.fs (9b01f37126d5b2487dac5da7899bb2b1a5cb56ef)
    src/CommonRuntime/NameUtils.fs (9b01f37126d5b2487dac5da7899bb2b1a5cb56ef)
    src/CommonRuntime/Pluralizer.fs (9b01f37126d5b2487dac5da7899bb2b1a5cb56ef)
    src/CommonRuntime/StructuralTypes.fs (9b01f37126d5b2487dac5da7899bb2b1a5cb56ef)
    src/CommonRuntime/TextConversions.fs (9b01f37126d5b2487dac5da7899bb2b1a5cb56ef)
    src/Json/JsonConversions.fs (9b01f37126d5b2487dac5da7899bb2b1a5cb56ef)
    src/Json/JsonExtensions.fs (9b01f37126d5b2487dac5da7899bb2b1a5cb56ef)
    src/Json/JsonValue.fs (9b01f37126d5b2487dac5da7899bb2b1a5cb56ef)
    src/Net/Http.fs (9b01f37126d5b2487dac5da7899bb2b1a5cb56ef)
    src/Net/UriUtils.fs (9b01f37126d5b2487dac5da7899bb2b1a5cb56ef)
  remote: fsprojects/FSharp.TypeProviders.StarterPack
  specs:
    src/DebugProvidedTypes.fs (eb919461a3cfc5bd8a7569a7af723566b678e8fa)
    src/ProvidedTypes.fs (eb919461a3cfc5bd8a7569a7af723566b678e8fa)
    src/ProvidedTypes.fsi (eb919461a3cfc5bd8a7569a7af723566b678e8fa)
  remote: fsprojects/FSharp.Configuration
  specs:
    src/FSharp.Configuration/TypeProviders.Helper.fs (538b8d0198fb2424e541e3d976fffdc01fe7a198)
GROUP Build
NUGET
  remote: https://www.nuget.org/api/v2
  specs:
    FAKE (4.20.0)
    FSharp.Compiler.Service (1.4.2.3)
    FSharp.Formatting (2.13.4)
      FSharp.Compiler.Service (>= 1.4.2 < 1.5.0)
      FSharpVSPowerTools.Core (>= 2.2.0 < 2.3.0)
    FSharpVSPowerTools.Core (2.2.0)
      FSharp.Compiler.Service (>= 1.4.2.0)
    Microsoft.Bcl (1.1.10)
      Microsoft.Bcl.Build (>= 1.0.14)
    Microsoft.Bcl.Build (1.0.21) - import_targets: false
    Microsoft.Net.Http (2.2.29)
      Microsoft.Bcl (>= 1.1.10)
      Microsoft.Bcl.Build (>= 1.0.14)
    Octokit (0.17.0)
      Microsoft.Net.Http
    SourceLink.Fake (1.1.0)
GITHUB
  remote: fsharp/FAKE
  specs:
    modules/Octokit/Octokit.fsx (627d68727518ef0c013d0dfbb0260aba84de98e1)
      Octokit
GROUP OWIN
NUGET
  remote: https://www.nuget.org/api/v2
  specs:
    Microsoft.AspNet.WebApi.Client (5.2.3)
      Microsoft.Net.Http (>= 2.2.22) - framework: portable-wp80+win+net45+wp81+wpa81
      Newtonsoft.Json (>= 6.0.4) - framework: >= net45, portable-wp80+win+net45+wp81+wpa81
    Microsoft.AspNet.WebApi.Core (5.2.3)
      Microsoft.AspNet.WebApi.Client (>= 5.2.3)
    Microsoft.AspNet.WebApi.Owin (5.2.3)
      Microsoft.AspNet.WebApi.Core (>= 5.2.3 < 5.3.0)
      Microsoft.Owin (>= 2.0.2)
      Owin (>= 1.0)
    Microsoft.AspNet.WebApi.OwinSelfHost (5.2.3)
      Microsoft.AspNet.WebApi.Owin (>= 5.2.3 < 5.3.0)
      Microsoft.Owin.Host.HttpListener (>= 2.0.2)
      Microsoft.Owin.Hosting (>= 2.0.2)
    Microsoft.Bcl (1.1.10) - framework: portable-wp80+win+net45+wp81+wpa81
      Microsoft.Bcl.Build (>= 1.0.14)
    Microsoft.Bcl.Build (1.0.21) - import_targets: false, framework: portable-wp80+win+net45+wp81+wpa81
    Microsoft.Net.Http (2.2.29) - framework: portable-wp80+win+net45+wp81+wpa81
      Microsoft.Bcl (>= 1.1.10)
      Microsoft.Bcl.Build (>= 1.0.14)
    Microsoft.Owin (3.0.1)
      Owin (>= 1.0)
    Microsoft.Owin.Host.HttpListener (3.0.1)
    Microsoft.Owin.Hosting (3.0.1)
      Microsoft.Owin (>= 3.0.1)
      Owin (>= 1.0)
    Newtonsoft.Json (8.0.2) - framework: >= net45, portable-wp80+win+net45+wp81+wpa81
    Owin (1.0)
    Swashbuckle.Core (5.2.2)
      Microsoft.AspNet.WebApi.Core (>= 4.0.20710)

GROUP Test
NUGET
  remote: https://www.nuget.org/api/v2
  specs:
    FSharp.Data (2.2.5)
      Zlib.Portable (>= 1.10.0) - framework: portable-net40+sl50+wp80+win80
    NUnit (2.6.4)
    NUnit.Runners (2.6.4)
    Zlib.Portable (1.11.0) - framework: portable-net40+sl50+wp80+win80
GITHUB
  remote: fsprojects/FsUnit
  specs:
    src/FsUnit.NUnit/FsUnit.fs (3ce6fe0e9cd7f1966c2c431ec05cfaf8d2e52b63)